GEM
  remote: http://rubygems.org/
  specs:
    haml (3.0.25)
    mini_magick (3.2)
      subexec (~> 0.0.4)
    rack (1.2.1)
    right_aws (2.0.0)
      right_http_connection (>= 1.2.1)
    right_http_connection (1.2.4)
    sinatra (1.1.3)
      rack (~> 1.1)
      tilt (>= 1.2.2, < 2.0)
    subexec (0.0.4)
    tilt (1.2.2)

PLATFORMS
  ruby

DEPENDENCIES
  haml
  mini_magick
  right_aws
  sinatra
